PATH
  remote: ../rulers
  specs:
    rulers (1.0.20200609182203)
      erubis (~> 2.7)
      rack (~> 2.0)

GEM
  remote: https://rubygems.org/
  specs:
    erubis (2.7.0)
    rack (2.2.3)

PLATFORMS
  ruby

DEPENDENCIES
  rulers!

BUNDLED WITH
   2.1.4
