PATH
  remote: ../rulers
  specs:
    rulers (1.0.20200505152502)
      rack (~> 2.0)

GEM
  remote: https://rubygems.org/
  specs:
    rack (2.2.2)

PLATFORMS
  ruby

DEPENDENCIES
  rulers!

BUNDLED WITH
   2.1.4
